GEM
  remote: https://rubygems.org/
  specs:
    aws-sdk (2.2.9)
      aws-sdk-resources (= 2.2.9)
    aws-sdk-core (2.2.9)
      jmespath (~> 1.0)
    aws-sdk-resources (2.2.9)
      aws-sdk-core (= 2.2.9)
    domain_name (0.5.25)
      unf (>= 0.0.5, < 1.0.0)
    http-cookie (1.0.2)
      domain_name (~> 0.5)
    httparty (0.13.7)
      json (~> 1.8)
      multi_xml (>= 0.5.2)
    jmespath (1.1.3)
    json (1.8.3)
    mailgun-ruby (1.0.3)
      json (~> 1.8)
      rest-client (~> 1.6)
    mime-types (2.99)
    multi_xml (0.5.5)
    netrc (0.11.0)
    rest-client (1.8.0)
      http-cookie (>= 1.0.2, < 2.0)
      mime-types (>= 1.16, < 3.0)
      netrc (~> 0.7)
    unf (0.1.4)
      unf_ext
    unf_ext (0.0.7.1)

PLATFORMS
  ruby

DEPENDENCIES
  aws-sdk
  httparty
  mailgun-ruby (~> 1.0.3)

BUNDLED WITH
   1.11.2
